GEM
  remote: https://www.rubygems.org/
  specs:
    backports (3.3.3)
    byebug (1.6.1)
      columnize (~> 0.3.6)
      debugger-linecache (~> 1.2.0)
    childprocess (0.3.9)
      ffi (~> 1.0, >= 1.0.11)
    columnize (0.3.6)
    debugger-linecache (1.2.0)
    diff-lcs (1.2.4)
    dotenv (0.8.0)
    ffi (1.9.0)
    foreman (0.63.0)
      dotenv (>= 0.7)
      thor (>= 0.13.6)
    multi_json (1.7.7)
    puma (2.5.1)
      rack (>= 1.1, < 2.0)
    rack (1.5.2)
    rack-protection (1.5.0)
      rack
    rack-test (0.6.2)
      rack (>= 1.0)
    rspec (2.14.1)
      rspec-core (~> 2.14.0)
      rspec-expectations (~> 2.14.0)
      rspec-mocks (~> 2.14.0)
    rspec-core (2.14.4)
    rspec-expectations (2.14.0)
      diff-lcs (>= 1.1.3, < 2.0)
    rspec-mocks (2.14.2)
    rubyzip (0.9.9)
    selenium-webdriver (2.33.0)
      childprocess (>= 0.2.5)
      multi_json (~> 1.0)
      rubyzip
      websocket (~> 1.0.4)
    sinatra (1.4.3)
      rack (~> 1.4)
      rack-protection (~> 1.4)
      tilt (~> 1.3, >= 1.3.4)
    sinatra-contrib (1.4.1)
      backports (>= 2.0)
      multi_json
      rack-protection
      rack-test
      sinatra (~> 1.4.0)
      tilt (~> 1.3)
    sinatra-reloader (1.0)
      sinatra-contrib
    thor (0.18.1)
    tilt (1.4.1)
    websocket (1.0.7)

PLATFORMS
  ruby

DEPENDENCIES
  byebug
  foreman
  puma
  rspec
  selenium-webdriver
  sinatra
  sinatra-contrib
  sinatra-reloader
